GEM
  remote: https://rubygems.org/
  specs:
    activemodel (4.1.16)
      activesupport (= 4.1.16)
      builder (~> 3.1)
    activesupport (4.1.16)
      i18n (~> 0.6, >= 0.6.9)
      json (~> 1.7, >= 1.7.7)
      minitest (~> 5.1)
      thread_safe (~> 0.1)
      tzinfo (~> 1.1)
    builder (3.2.3)
    commonjs (0.2.7)
    concurrent-ruby (1.0.5)
    daemons (1.2.6)
    dotenv (2.2.1)
    email_validator (1.6.0)
      activemodel
    eventmachine (1.2.5)
    execjs (2.7.0)
    ffi (1.9.21)
    hike (1.2.3)
    i18n (0.9.3)
      concurrent-ruby (~> 1.0)
    json (1.8.6)
    less (2.3.3)
      commonjs (~> 0.2.6)
    libv8 (3.16.14.19)
    listen (1.0.3)
      rb-fsevent (>= 0.9.3)
      rb-inotify (>= 0.9)
      rb-kqueue (>= 0.2)
    mail (2.7.0)
      mini_mime (>= 0.1.1)
    mini_mime (1.0.0)
    minitest (5.11.3)
    multi_json (1.13.1)
    pony (1.12)
      mail (>= 2.0)
    rack (1.6.8)
    rack-protection (1.5.3)
      rack
    rake (10.0.4)
    rb-fsevent (0.10.2)
    rb-inotify (0.9.10)
      ffi (>= 0.5.0, < 2)
    rb-kqueue (0.2.5)
      ffi (>= 0.5.0)
    ref (2.0.0)
    rerun (0.8.2)
      listen (~> 1.0.3)
    sinatra (1.4.8)
      rack (~> 1.5)
      rack-protection (~> 1.4)
      tilt (>= 1.3, < 3)
    sprockets (2.12.4)
      hike (~> 1.2)
      multi_json (~> 1.0)
      rack (~> 1.0)
      tilt (~> 1.1, != 1.3.0)
    sprockets-helpers (1.1.0)
      sprockets (~> 2.0)
    therubyracer (0.12.3)
      libv8 (~> 3.16.14.15)
      ref
    thin (1.6.4)
      daemons (~> 1.0, >= 1.0.9)
      eventmachine (~> 1.0, >= 1.0.4)
      rack (~> 1.0)
    thread_safe (0.3.6)
    tilt (1.4.1)
    tzinfo (1.2.5)
      thread_safe (~> 0.1)
    uglifier (4.1.5)
      execjs (>= 0.3.0, < 3)

PLATFORMS
  ruby

DEPENDENCIES
  activemodel (~> 4.1.11)
  activesupport (~> 4.1.11)
  dotenv
  email_validator (~> 1.5)
  less (~> 2.3.2)
  pony (~> 1.4)
  rake (~> 10.0.4)
  rerun (~> 0.8.1)
  sinatra (~> 1.4.2)
  sprockets-helpers (~> 1.1.0)
  therubyracer (~> 0.12.2)
  thin (~> 1.6.3)
  uglifier

RUBY VERSION
   ruby 2.5.0p0

BUNDLED WITH
   1.16.1
