GEM
  remote: https://rubygems.org/
  specs:
    backports (3.3.0)
    commonjs (0.2.6)
    daemons (1.1.9)
    eventmachine (1.0.3)
    ffi (1.8.1)
    hike (1.2.2)
    i18n (0.6.4)
    less (2.3.2)
      commonjs (~> 0.2.6)
    libv8 (3.11.8.17)
    listen (1.0.3)
      rb-fsevent (>= 0.9.3)
      rb-inotify (>= 0.9)
      rb-kqueue (>= 0.2)
    mail (2.5.3)
      i18n (>= 0.4.0)
      mime-types (~> 1.16)
      treetop (~> 1.4.8)
    mime-types (1.23)
    multi_json (1.7.3)
    polyglot (0.3.3)
    pony (1.4.1)
      mail (> 2.0)
    rack (1.5.2)
    rack-protection (1.5.0)
      rack
    rack-test (0.6.2)
      rack (>= 1.0)
    rb-fsevent (0.9.3)
    rb-inotify (0.9.0)
      ffi (>= 0.5.0)
    rb-kqueue (0.2.0)
      ffi (>= 0.5.0)
    ref (1.0.4)
    rerun (0.8.1)
      listen (>= 1.0.3)
    sinatra (1.4.2)
      rack (~> 1.5, >= 1.5.2)
      rack-protection (~> 1.4)
      tilt (~> 1.3, >= 1.3.4)
    sinatra-contrib (1.4.0)
      backports (>= 2.0)
      eventmachine
      rack-protection
      rack-test
      sinatra (~> 1.4.2)
      tilt (~> 1.3)
    sinatra-partial (0.4.0)
      sinatra
    sprockets (2.9.3)
      hike (~> 1.2)
      multi_json (~> 1.0)
      rack (~> 1.0)
      tilt (~> 1.1, != 1.3.0)
    sprockets-helpers (1.0.1)
      sprockets (~> 2.0)
    therubyracer (0.11.4)
      libv8 (~> 3.11.8.12)
      ref
    thin (1.5.1)
      daemons (>= 1.0.9)
      eventmachine (>= 0.12.6)
      rack (>= 1.0.0)
    tilt (1.4.0)
    treetop (1.4.12)
      polyglot
      polyglot (>= 0.3.1)

PLATFORMS
  ruby

DEPENDENCIES
  less (~> 2.3.2)
  pony (~> 1.4)
  rerun (~> 0.8.1)
  sinatra (~> 1.4.2)
  sinatra-contrib (~> 1.4.0)
  sinatra-partial (~> 0.4.0)
  sprockets-helpers (~> 1.0.1)
  therubyracer (~> 0.11.4)
  thin (~> 1.5.1)
