GEM
  remote: https://rubygems.org/
  specs:
    active-model-email-validator (1.0.2)
      activemodel
      mail
    activemodel (4.0.12)
      activesupport (= 4.0.12)
      builder (~> 3.1.0)
    activesupport (4.0.12)
      i18n (~> 0.6, >= 0.6.9)
      minitest (~> 4.2)
      multi_json (~> 1.3)
      thread_safe (~> 0.1)
      tzinfo (~> 0.3.37)
    builder (3.1.4)
    commonjs (0.2.7)
    daemons (1.1.9)
    dotenv (1.0.2)
    eventmachine (1.0.3)
    execjs (2.2.2)
    ffi (1.9.6)
    hike (1.2.3)
    i18n (0.6.11)
    json (1.8.1)
    less (2.3.3)
      commonjs (~> 0.2.6)
    libv8 (3.11.8.17)
    listen (1.0.3)
      rb-fsevent (>= 0.9.3)
      rb-inotify (>= 0.9)
      rb-kqueue (>= 0.2)
    mail (2.6.3)
      mime-types (>= 1.16, < 3)
    mime-types (2.4.3)
    minitest (4.7.5)
    multi_json (1.10.1)
    pony (1.11)
      mail (>= 2.0)
    rack (1.5.2)
    rack-protection (1.5.3)
      rack
    rake (10.0.4)
    rb-fsevent (0.9.4)
    rb-inotify (0.9.5)
      ffi (>= 0.5.0)
    rb-kqueue (0.2.3)
      ffi (>= 0.5.0)
    ref (1.0.5)
    rerun (0.8.2)
      listen (~> 1.0.3)
    sinatra (1.4.5)
      rack (~> 1.4)
      rack-protection (~> 1.4)
      tilt (~> 1.3, >= 1.3.4)
    sprockets (2.12.3)
      hike (~> 1.2)
      multi_json (~> 1.0)
      rack (~> 1.0)
      tilt (~> 1.1, != 1.3.0)
    sprockets-helpers (1.0.1)
      sprockets (~> 2.0)
    therubyracer (0.11.4)
      libv8 (~> 3.11.8.12)
      ref
    thin (1.5.1)
      daemons (>= 1.0.9)
      eventmachine (>= 0.12.6)
      rack (>= 1.0.0)
    thread_safe (0.3.4)
    tilt (1.4.1)
    tzinfo (0.3.42)
    uglifier (2.6.0)
      execjs (>= 0.3.0)
      json (>= 1.8.0)
    yui-compressor (0.12.0)

PLATFORMS
  ruby

DEPENDENCIES
  active-model-email-validator (~> 1.0.2)
  activemodel (~> 4.0.0)
  dotenv
  less (~> 2.3.2)
  pony (~> 1.4)
  rake (~> 10.0.4)
  rerun (~> 0.8.1)
  sinatra (~> 1.4.2)
  sprockets-helpers (~> 1.0.1)
  therubyracer (~> 0.11.4)
  thin (~> 1.5.1)
  uglifier
  yui-compressor
